GEM
  remote: https://rubygems.org/
  specs:
    rubyzip (3.0.2)
    write_xlsx (1.01.0)
      rubyzip (>= 1.0.0)
      zip-zip
    zip-zip (0.3)
      rubyzip (>= 1.0.0)

PLATFORMS
  universal-java-11

DEPENDENCIES
  write_xlsx (= 1.01.0)

BUNDLED WITH
   2.5.15
