GEM
  remote: http://rubygems.org/
  specs:
    rubyzip (1.2.2)
    write_xlsx (0.85.3)
      rubyzip (>= 1.0.0)
      zip-zip
    zip-zip (0.3)
      rubyzip (>= 1.0.0)

PLATFORMS
  java

DEPENDENCIES
  write_xlsx (= 0.85.3)

BUNDLED WITH
   1.16.1
